GEM
  remote: http://rubygems.org/
  specs:
    nokogiri (1.5.5)
    rack (1.5.1)
    rack-protection (1.3.2)
      rack
    rufus-scheduler (2.0.17)
      tzinfo (>= 0.3.23)
    sinatra (1.3.4)
      rack (~> 1.4)
      rack-protection (~> 1.3)
      tilt (~> 1.3, >= 1.3.3)
    tilt (1.3.3)
    tzinfo (0.3.35)

PLATFORMS
  ruby

DEPENDENCIES
  nokogiri
  rufus-scheduler
  sinatra
